GEM
  specs:
    mustache (1.0.5)

PLATFORMS
  ruby

DEPENDENCIES
  mustache

BUNDLED WITH
   1.14.6
